GIT
  remote: git://github.com/rb2k/gpx.git
  revision: 56e0a77869f656f52a579608f6fcc7b1222eb86c
  specs:
    gpx (0.7)
      nokogiri

GEM
  specs:
    nokogiri (1.5.0)

PLATFORMS
  ruby

DEPENDENCIES
  gpx!
