GIT
  remote: git://github.com/rb2k/gpx.git
  revision: 0d5e31fe96ddc5241b4efb30557f2115baaef147
  specs:
    gpx (0.7)
      hpricot

GEM
  specs:
    hpricot (0.8.4)

PLATFORMS
  ruby

DEPENDENCIES
  gpx!
